GEM
  remote: http://rubygems.org/
  specs:
    activemodel (3.2.10)
      activesupport (= 3.2.10)
      builder (~> 3.0.0)
    activesupport (3.2.10)
      i18n (~> 0.6)
      multi_json (~> 1.0)
    addressable (2.3.2)
    ansi (1.4.3)
    builder (3.0.4)
    crack (0.3.1)
    git (1.2.5)
    httparty (0.9.0)
      multi_json (~> 1.0)
      multi_xml
    i18n (0.6.1)
    jeweler (1.8.4)
      bundler (~> 1.0)
      git (>= 1.2.5)
      rake
      rdoc
    json (1.7.6)
    metaclass (0.0.1)
    mocha (0.13.1)
      metaclass (~> 0.0.1)
    multi_json (1.5.0)
    multi_xml (0.5.1)
    rake (10.0.3)
    rdoc (3.12)
      json (~> 1.4)
    turn (0.9.6)
      ansi
    vcr (2.4.0)
    webmock (1.8.11)
      addressable (>= 2.2.7)
      crack (>= 0.1.7)

PLATFORMS
  ruby

DEPENDENCIES
  activemodel
  builder
  bundler
  httparty
  jeweler (~> 1.8.4)
  mocha
  rdoc (~> 3.12)
  turn
  vcr
  webmock (< 1.9.0)
